GIT
  remote: git://github.com/alecz/awesome_nested_set.git
  revision: aef770a
  branch: rails3
  specs:
    awesome_nested_set (1.4.3)
      activerecord (>= 1.1)

GIT
  remote: git://github.com/dcrec1/inploy.git
  revision: c43a68a
  branch: master
  specs:
    inploy (1.6.3)

GIT
  remote: git://github.com/eladmeidar/rails_indexes.git
  revision: 1bc8703
  branch: master
  specs:
    rails_indexes (0.0.0)

GIT
  remote: git://github.com/jnicklas/carrierwave.git
  revision: 52718d0
  branch: master
  specs:
    carrierwave (0.5.0.beta2)
      activesupport (>= 3.0.0.beta4)

GIT
  remote: git://github.com/plataformatec/devise.git
  revision: 5aeb8cf
  branch: master
  specs:
    devise (1.1.0)
      bcrypt-ruby (~> 2.1.2)
      warden (~> 0.10.7)

GIT
  remote: git://github.com/plataformatec/simple_form.git
  revision: 154e927
  specs:
    simple_form (1.2.1)

GIT
  remote: git://github.com/rails/rails.git
  revision: b378b19
  branch: master
  specs:
    actionmailer (3.0.0.beta4)
      actionpack (= 3.0.0.beta4)
      mail (~> 2.2.5)
    actionpack (3.0.0.beta4)
      activemodel (= 3.0.0.beta4)
      activesupport (= 3.0.0.beta4)
      builder (~> 2.1.2)
      erubis (~> 2.6.6)
      i18n (~> 0.4.1)
      rack (~> 1.2.1)
      rack-mount (~> 0.6.9)
      rack-test (~> 0.5.4)
      tzinfo (~> 0.3.22)
    activemodel (3.0.0.beta4)
      activesupport (= 3.0.0.beta4)
      builder (~> 2.1.2)
      i18n (~> 0.4.1)
    activerecord (3.0.0.beta4)
      activemodel (= 3.0.0.beta4)
      activesupport (= 3.0.0.beta4)
      arel (~> 0.4.0)
      tzinfo (~> 0.3.22)
    activeresource (3.0.0.beta4)
      activemodel (= 3.0.0.beta4)
      activesupport (= 3.0.0.beta4)
    activesupport (3.0.0.beta4)
    rails (3.0.0.beta4)
      actionmailer (= 3.0.0.beta4)
      actionpack (= 3.0.0.beta4)
      activerecord (= 3.0.0.beta4)
      activeresource (= 3.0.0.beta4)
      activesupport (= 3.0.0.beta4)
      bundler (>= 1.0.0.beta.5)
      railties (= 3.0.0.beta4)
    railties (3.0.0.beta4)
      actionpack (= 3.0.0.beta4)
      activesupport (= 3.0.0.beta4)
      rake (>= 0.8.3)
      thor (~> 0.13.7)

GIT
  remote: git@github.com:alecz/vestal_versions.git
  revision: e207503
  branch: rails3
  specs:
    vestal_versions (1.0.2)
      activerecord (>= 2.1.0)

GIT
  remote: http://github.com/mdeering/attribute_normalizer.git
  revision: 8b632c2
  specs:
    attribute_normalizer (0.2.0)

GIT
  remote: http://github.com/mislav/will_paginate.git
  revision: 2a80334
  branch: master
  specs:
    will_paginate (2.3.14)

GIT
  remote: http://github.com/plataformatec/show_for.git
  revision: ab4fb79
  branch: master
  specs:
    show_for (0.2.2)

GEM
  remote: http://rubygems.org/
  specs:
    RedCloth (4.2.3)
    abstract (1.0.0)
    arel (0.4.0)
      activesupport (>= 3.0.0.beta)
    bcrypt-ruby (2.1.2)
    builder (2.1.2)
    compass (0.10.2)
      haml (>= 3.0.4)
    diff-lcs (1.1.2)
    erubis (2.6.6)
      abstract (>= 1.0.0)
    haml (3.0.13)
    hpricot (0.8.2)
    i18n (0.4.1)
    interactive_editor (0.0.4)
      spoon (>= 0.0.1)
    looksee (0.2.1)
    mail (2.2.5)
      activesupport (>= 2.3.6)
      mime-types
      treetop (>= 1.4.5)
    mime-types (1.16)
    nokogiri (1.4.2)
    pg (0.9.0)
    polyglot (0.3.1)
    rack (1.2.1)
    rack-mount (0.6.9)
      rack (>= 1.0.0)
    rack-test (0.5.4)
      rack (>= 1.0)
    rake (0.8.7)
    remarkable (4.0.0.alpha4)
      rspec (>= 2.0.0.alpha11)
    remarkable_activemodel (4.0.0.alpha4)
      remarkable (~> 4.0.0.alpha4)
      rspec (>= 2.0.0.alpha11)
    remarkable_activerecord (4.0.0.alpha4)
      remarkable (~> 4.0.0.alpha4)
      remarkable_activemodel (~> 4.0.0.alpha4)
      rspec (>= 2.0.0.alpha11)
    rmagick (2.13.1)
    rspec (2.0.0.beta.18)
      rspec-core (= 2.0.0.beta.18)
      rspec-expectations (= 2.0.0.beta.18)
      rspec-mocks (= 2.0.0.beta.18)
    rspec-core (2.0.0.beta.18)
    rspec-expectations (2.0.0.beta.18)
      diff-lcs (>= 1.1.2)
    rspec-mocks (2.0.0.beta.18)
    rspec-rails (2.0.0.beta.18)
      rspec (>= 2.0.0.beta.14)
      webrat (>= 0.7.0)
    ruby_parser (2.0.4)
      sexp_processor (~> 3.0)
    sexp_processor (3.0.4)
    spoon (0.0.1)
    sqlite3-ruby (1.3.1)
    thor (0.13.8)
    treetop (1.4.8)
      polyglot (>= 0.3.1)
    tzinfo (0.3.22)
    warden (0.10.7)
      rack (>= 1.0.0)
    webrat (0.7.1)
      nokogiri (>= 1.2.0)
      rack (>= 1.0)
      rack-test (>= 0.5.3)
    wirble (0.1.3)

PLATFORMS
  ruby

DEPENDENCIES
  RedCloth
  attribute_normalizer!
  awesome_nested_set (= 1.4.3)!
  carrierwave (= 0.5.0.beta2)!
  compass (= 0.10.2)
  devise!
  haml
  hpricot
  inploy!
  interactive_editor
  looksee
  pg
  rails!
  rails_indexes (= 0.0.0)!
  remarkable_activemodel
  remarkable_activerecord (>= 4.0.0.alpha4)
  rmagick
  rspec-rails (>= 2.0.0.beta.12)
  ruby_parser
  show_for!
  simple_form!
  sqlite3-ruby
  tzinfo
  vestal_versions!
  will_paginate!
  wirble
